GEM
  remote: https://rubygems.org/
  specs:
    rainbow (2.0.0)
    sass (3.4.13)
    scss-lint (0.34.0)
      rainbow (~> 2.0)
      sass (~> 3.4.1)

PLATFORMS
  ruby
  x64-mingw32
  x86-mingw32

DEPENDENCIES
  scss-lint
